PATH
  remote: .
  specs:
    datacache (1.0)
      core

GEM
  remote: https://rubygems.org/
  specs:
    core (1.0)

PLATFORMS
  ruby

DEPENDENCIES
  datacache!

BUNDLED WITH
   2.1.4
